GEM
  remote: https://rubygems.org/
  specs:
    dante (0.2.0)
    minitest (5.14.0)
    minitest-matchers_vaccine (1.0.4)
      minitest (~> 5.0)
    multi_json (1.15.0)
    rack (2.2.3)
    rack-test (1.1.0)
      rack (>= 1.0, < 3)
    roda (3.34.0)
      rack
    sorbet (0.5.5429)
      sorbet-static (= 0.5.5429)
    sorbet-runtime (0.5.5429)
    sorbet-static (0.5.5429-universal-darwin-14)
    stripe (5.22.0)
    stripe-ruby-mock (3.0.1)
      dante (>= 0.2.0)
      multi_json (~> 1.0)
      stripe (> 5, < 6)
    ulid (1.2.0)

PLATFORMS
  ruby

DEPENDENCIES
  minitest-matchers_vaccine
  rack
  rack-test
  roda
  sorbet
  sorbet-runtime
  stripe
  stripe-ruby-mock (~> 3.0.1)
  ulid

BUNDLED WITH
   2.1.4
