GEM
  remote: https://rubygems.org/
  specs:
    hanami-api (0.1.0)
      hanami-router (~> 2.0.alpha)
    hanami-router (2.0.0.alpha2)
      mustermann (~> 1.0)
      mustermann-contrib (~> 1.0)
      rack (~> 2.0)
    hansi (0.2.0)
    ma (0.1.0)
      wisper_next
    mustermann (1.1.1)
      ruby2_keywords (~> 0.0.1)
    mustermann-contrib (1.1.1)
      hansi (~> 0.2.0)
      mustermann (= 1.1.1)
    rack (2.2.2)
    ruby2_keywords (0.0.2)
    sorbet (0.5.5429)
      sorbet-static (= 0.5.5429)
    sorbet-runtime (0.5.5429)
    sorbet-static (0.5.5429-universal-darwin-14)
    wisper_next (0.1.0)

PLATFORMS
  ruby

DEPENDENCIES
  hanami-api (~> 0.1)
  ma
  sorbet
  sorbet-runtime

BUNDLED WITH
   2.1.4
