GEM
  remote: https://rubygems.org/
  specs:
    concurrent-ruby (1.1.6)
    dry-core (0.4.9)
      concurrent-ruby (~> 1.0)
    dry-equalizer (0.3.0)
    dry-events (0.2.0)
      concurrent-ruby (~> 1.0)
      dry-core (~> 0.4)
      dry-equalizer (~> 0.2)
    hanami-api (0.1.0)
      hanami-router (~> 2.0.alpha)
    hanami-router (2.0.0.alpha2)
      mustermann (~> 1.0)
      mustermann-contrib (~> 1.0)
      rack (~> 2.0)
    hansi (0.2.0)
    minitest (5.14.0)
    minitest-matchers_vaccine (1.0.4)
      minitest (~> 5.0)
    mocha (1.11.2)
    mustermann (1.1.1)
      ruby2_keywords (~> 0.0.1)
    mustermann-contrib (1.1.1)
      hansi (~> 0.2.0)
      mustermann (= 1.1.1)
    prettier (0.18.0)
    rack (2.2.2)
    ruby2_keywords (0.0.2)
    sorbet (0.5.5429)
      sorbet-static (= 0.5.5429)
    sorbet-runtime (0.5.5429)
    sorbet-static (0.5.5429-universal-darwin-14)

PLATFORMS
  ruby

DEPENDENCIES
  dry-events
  hanami-api (~> 0.1)
  minitest-matchers_vaccine
  mocha
  prettier
  sorbet
  sorbet-runtime

BUNDLED WITH
   2.1.4
